GEM
  remote: http://rubygems.org/
  specs:
    childprocess (0.7.1)
      ffi (~> 1.0, >= 1.0.11)
    ffi (1.9.18)
    ffi (1.9.18-x64-mingw32)
    power_assert (1.1.0)
    rubyzip (1.2.1)
    selenium-webdriver (3.5.2)
      childprocess (~> 0.5)
      rubyzip (~> 1.0)
    test-unit (3.2.5)
      power_assert

PLATFORMS
  ruby
  x64-mingw32

DEPENDENCIES
  selenium-webdriver
  test-unit

BUNDLED WITH
   1.15.4
